GEM
  remote: https://rubygems.org/
  specs:
    rack (3.0.3)
    rackup (0.2.3)
      rack (>= 3.0.0.beta1)
      webrick
    webrick (1.7.0)

PLATFORMS
  x86_64-darwin-21

DEPENDENCIES
  rackup

BUNDLED WITH
   2.3.22
